GEM
  remote: https://rubygems.org/
  specs:
    priority_queue_cxx (0.3.7)

PLATFORMS
  ruby
  x86_64-linux

DEPENDENCIES
  priority_queue_cxx

BUNDLED WITH
   2.6.2
